PATH
  remote: .
  specs:
    wordpress-exporter (0.0.1)
      activesupport (~> 4.1)
      contentful-management (~> 0.5.0)
      escort (~> 0.4.0)
      http (~> 0.6)
      i18n (~> 0.6)
      multi_json (~> 1)
      nokogiri (~> 1.6.3.1)

GEM
  remote: https://rubygems.org/
  specs:
    activesupport (4.1.8)
      i18n (~> 0.6, >= 0.6.9)
      json (~> 1.7, >= 1.7.7)
      minitest (~> 5.1)
      thread_safe (~> 0.1)
      tzinfo (~> 1.1)
    contentful-management (0.5.0)
      http (~> 0.6)
      multi_json (~> 1)
    escort (0.4.0)
      nesty
    http (0.6.3)
      http_parser.rb (~> 0.6.0)
    http_parser.rb (0.6.0)
    i18n (0.6.11)
    json (1.8.1)
    mini_portile (0.6.0)
    minitest (5.4.3)
    multi_json (1.10.1)
    nesty (1.0.2)
    nokogiri (1.6.3.1)
      mini_portile (= 0.6.0)
    rake (10.4.2)
    thread_safe (0.3.4)
    tzinfo (1.2.2)
      thread_safe (~> 0.1)

PLATFORMS
  ruby

DEPENDENCIES
  bundler (~> 1.6)
  rake
  wordpress-exporter!
